NUGET
  remote: https://nuget.org/api/v2
  specs:
    Deedle (1.2.1)
    Deedle.RPlugin (1.2.1)
      Deedle (>= 1.2.1)
      R.NET.Community (>= 1.6.4)
      R.NET.Community.FSharp (>= 1.6.4)
      RProvider (>= 1.1.12)
    DynamicInterop (0.7.4)
    FAKE (3.35.5)
    Foogle.Charts (0.0.5)
    FsCheck (2.0.1)
      FSharp.Core (>= 3.1.2.1)
    FSharp.Charting (0.90.10)
    FSharp.Compiler.Service (0.0.90)
    FSharp.Core (3.1.2.1)
    FSharp.Data (2.2.3)
      Zlib.Portable (>= 1.10.0) - framework: portable-net40+sl50+wp80+win80
    FSharp.Data.Toolbox.Twitter (0.7)
      FSharp.Data (>= 2.2.3)
    FsLab (0.3.3)
      Deedle (1.2.1)
      Deedle.RPlugin (1.2.1)
      FSharp.Charting (0.90.10)
      FSharp.Data (2.2.3)
      Foogle.Charts (0.0.5)
      Google.DataTable.Net.Wrapper (3.1.2.0)
      MathNet.Numerics (3.7.0)
      MathNet.Numerics.FSharp (3.7.0)
      Newtonsoft.Json (7.0.1)
      R.NET.Community (1.6.4)
      R.NET.Community.FSharp (1.6.4)
      RProvider (1.1.12)
      XPlot.GoogleCharts (1.2.0)
      XPlot.GoogleCharts.Deedle (1.2.0)
      XPlot.Plotly (1.2.0)
    FsPickler (1.2.10)
    Google.DataTable.Net.Wrapper (3.1.2.0)
    Http.fs (1.5.1)
    IKVM (8.0.5449.1)
    MathNet.Numerics (3.7.0)
      TaskParallelLibrary (>= 1.0.2856) - framework: >= net35 < net40
    MathNet.Numerics.FSharp (3.7.0)
      FSharp.Core (>= 3.1.2.1)
      MathNet.Numerics (3.7.0)
    Newtonsoft.Json (7.0.1)
    NUnit (2.6.4)
    NUnit.Runners (2.6.4)
    R.NET.Community (1.6.4)
      DynamicInterop (0.7.4)
    R.NET.Community.FSharp (1.6.4)
      R.NET.Community (>= 1.6.4)
    RProvider (1.1.12)
      DynamicInterop (0.7.4)
      R.NET.Community (1.6.4)
      R.NET.Community.FSharp (1.6.4)
    Stanford.NLP.CoreNLP (3.5.2)
      IKVM (8.0.5449.1)
    Stanford.NLP.Parser (3.5.2)
      IKVM (8.0.5449.1)
    Suave (0.29.1)
      FSharp.Core (>= 3.1.2.1)
      FsPickler (>= 1.2.5)
    TaskParallelLibrary (1.0.2856.0) - framework: >= net35 < net40
    XPlot.GoogleCharts (1.2.0)
      Google.DataTable.Net.Wrapper
      Newtonsoft.Json
    XPlot.GoogleCharts.Deedle (1.2.0)
      Deedle
      XPlot.GoogleCharts (>= 1.2.0)
    XPlot.Plotly (1.2.0)
      Http.fs
      Newtonsoft.Json
    Zlib.Portable (1.11.0) - framework: portable-net40+sl50+wp80+win80
